GEM
  remote: https://rubygems.org/
  specs:
    diff-lcs (1.3)
    macaddr (1.7.1)
      systemu (~> 2.6.2)
    memoist (0.16.0)
    mini_portile2 (2.4.0)
    nokogiri (1.10.1)
      mini_portile2 (~> 2.4.0)
    polyglot (0.3.5)
    rspec (3.8.0)
      rspec-core (~> 3.8.0)
      rspec-expectations (~> 3.8.0)
      rspec-mocks (~> 3.8.0)
    rspec-core (3.8.0)
      rspec-support (~> 3.8.0)
    rspec-expectations (3.8.2)
      diff-lcs (>= 1.2.0, < 2.0)
      rspec-support (~> 3.8.0)
    rspec-mocks (3.8.0)
      diff-lcs (>= 1.2.0, < 2.0)
      rspec-support (~> 3.8.0)
    rspec-support (3.8.0)
    rspec-xml (0.1.1)
      nokogiri
      rspec
    systemu (2.6.5)
    treetop (1.6.10)
      polyglot (~> 0.3)
    uuid (2.3.9)
      macaddr (~> 1.0)

PLATFORMS
  ruby

DEPENDENCIES
  memoist
  nokogiri
  rspec
  rspec-xml
  treetop (~> 1.6)
  uuid

BUNDLED WITH
   1.16.1
